GEM
  remote: https://rubygems.org/
  specs:
    anvil-cli (0.16.1)
      progress (~> 2.4.0)
      rest-client (~> 1.6.7)
      thor (~> 0.15.2)
    hammer (0.0.1.pre)
      anvil-cli (~> 0.15)
      thor (~> 0.15.0)
      vise (~> 0.0.1.pre)
    mime-types (2.3)
    progress (2.4.0)
    rest-client (1.6.7)
      mime-types (>= 1.16)
    thor (0.15.4)
    vise (0.0.1.pre)

PLATFORMS
  ruby

DEPENDENCIES
  hammer
